GEM
  remote: http://rubygems.org/
  specs:
    bacon (1.1.0)
    em-spec (0.2.1)
    eventmachine (0.12.10)

PLATFORMS
  ruby

DEPENDENCIES
  bacon
  em-spec
  eventmachine
